GEM
  remote: https://rubygems.org/
  specs:
    em-websocket (0.5.1)
      eventmachine (>= 0.12.9)
      http_parser.rb (~> 0.6.0)
    eventmachine (1.0.8)
    http_parser.rb (0.6.0)
    minitest (5.8.0)

PLATFORMS
  ruby

DEPENDENCIES
  em-websocket
  minitest
